GEM
  remote: https://rubygems.org/
  specs:
    ast (2.4.1)
    aws-eventstream (1.1.0)
    aws-partitions (1.378.0)
    aws-sdk-core (3.109.0)
      aws-eventstream (~> 1, >= 1.0.2)
      aws-partitions (~> 1, >= 1.239.0)
      aws-sigv4 (~> 1.1)
      jmespath (~> 1.0)
    aws-sdk-kms (1.39.0)
      aws-sdk-core (~> 3, >= 3.109.0)
      aws-sigv4 (~> 1.1)
    aws-sigv4 (1.2.2)
      aws-eventstream (~> 1, >= 1.0.2)
    chef-utils (16.4.41)
    jmespath (1.4.0)
    json (2.3.1)
    kramdown (2.3.0)
      rexml
    kramdown-parser-gfm (1.1.0)
      kramdown (~> 2.0)
    mdl (0.11.0)
      kramdown (~> 2.3)
      kramdown-parser-gfm (~> 1.1)
      mixlib-cli (~> 2.1, >= 2.1.1)
      mixlib-config (>= 2.2.1, < 4)
      mixlib-shellout
    mixlib-cli (2.1.8)
    mixlib-config (3.0.9)
      tomlrb
    mixlib-shellout (3.1.4)
      chef-utils
    openssl (2.2.0)
    parallel (1.19.2)
    parser (2.7.2.0)
      ast (~> 2.4.1)
    rainbow (3.0.0)
    regexp_parser (1.8.2)
    rexml (3.2.4)
    rubocop (1.2.0)
      parallel (~> 1.10)
      parser (>= 2.7.1.5)
      rainbow (>= 2.2.2, < 4.0)
      regexp_parser (>= 1.8)
      rexml
      rubocop-ast (>= 1.0.1)
      ruby-progressbar (~> 1.7)
      unicode-display_width (>= 1.4.0, < 2.0)
    rubocop-ast (1.1.1)
      parser (>= 2.7.1.5)
    ruby-progressbar (1.10.1)
    tomlrb (1.3.0)
    unicode-display_width (1.7.0)

PLATFORMS
  ruby

DEPENDENCIES
  aws-sdk-kms (~> 1)
  json
  mdl
  openssl
  rubocop

BUNDLED WITH
   2.1.4
